GEM
  remote: https://rubygems.org/
  specs:
    dotenv (2.1.1)
    mime-types (1.25.1)
    rdoc (4.2.0)
    rest-client (1.6.8)
      mime-types (~> 1.16)
      rdoc (>= 2.4.2)

PLATFORMS
  ruby

DEPENDENCIES
  dotenv
  rest-client

BUNDLED WITH
   1.11.2
